GEM
  remote: https://rubygems.org/
  specs:
    coffee-script (2.4.1)
      coffee-script-source
      execjs
    coffee-script-source (1.10.0)
    execjs (2.6.0)
    ffi (1.9.10)
    jekyll-coffeescript (1.0.1)
      coffee-script (~> 2.2)
    jekyll-paginate (1.1.0)
    jekyll-watch (1.3.1)
      listen (~> 3.0)
    json (1.8.3)
    kramdown (1.11.1)
    listen (3.0.5)
      rb-fsevent (>= 0.9.3)
      rb-inotify (>= 0.9)
    rake (11.1.2)
    rb-fsevent (0.9.7)
    rb-inotify (0.9.5)
      ffi (>= 0.5.0)

PLATFORMS
  ruby

DEPENDENCIES
  jekyll-coffeescript
  jekyll-paginate
  jekyll-watch
  json
  kramdown (= 1.11.1)
  rake

BUNDLED WITH
   1.10.6
